GEM
  remote: https://rubygems.org/
  specs:
    activesupport (3.2.13)
      i18n (= 0.6.1)
      multi_json (~> 1.0)
    chronic_duration (0.10.2)
      numerizer (~> 0.1.1)
    highline (1.6.19)
    httparty (0.11.0)
      multi_json (~> 1.0)
      multi_xml (>= 0.5.2)
    i18n (0.6.1)
    lastfm (1.19.0)
      activesupport (>= 3.0.3)
      httparty
      xml-simple
    multi_json (1.7.3)
    multi_xml (0.5.3)
    numerizer (0.1.1)
    taglib-ruby (0.6.0)
    xml-simple (1.1.2)

PLATFORMS
  ruby

DEPENDENCIES
  chronic_duration (~> 0.10.0)
  highline (~> 1.6.0)
  lastfm (~> 1.19.0)
  taglib-ruby (~> 0.6.0)
